GEM
  remote: http://rubygems.org/
  specs:
    daemons (1.1.9)
    eventmachine (1.0.0)
    haml (5.0.0)
      temple (>= 0.8.0)
      tilt
    mustermann (1.0.3)
    pg (0.14.1)
    rack (2.0.7)
    rack-protection (2.0.7)
      rack
    sequel (3.40.0)
    sinatra (2.0.7)
      mustermann (~> 1.0)
      rack (~> 2.0)
      rack-protection (= 2.0.7)
      tilt (~> 2.0)
    temple (0.8.2)
    thin (1.5.0)
      daemons (>= 1.0.9)
      eventmachine (>= 0.12.6)
      rack (>= 1.0.0)
    tilt (2.0.10)

PLATFORMS
  ruby

DEPENDENCIES
  haml
  pg
  sequel
  sinatra
  thin
